GEM
  remote: https://rubygems.org/
  specs:
    minitest (5.9.1)

PLATFORMS
  ruby

DEPENDENCIES
  bundler
  minitest

RUBY VERSION
   ruby 2.3.1p112

BUNDLED WITH
   1.13.0.rc.2
