GEM
  remote: https://rubygems.org/
  specs:
    minitest (5.9.1)
    rake (10.4.2)

PLATFORMS
  ruby

DEPENDENCIES
  bundler
  minitest
  rake

RUBY VERSION
   ruby 2.3.1p112

BUNDLED WITH
   1.13.0.rc.2
